GIT
  remote: git://github.com/tybenz/vimdeck.git
  revision: 567400799760e175962ac8696584ada1971cc9e4
  specs:
    vimdeck (0.1.6)
      artii
      asciiart
      redcarpet

GEM
  remote: https://rubygems.org/
  specs:
    artii (2.0.4)
    asciiart (0.0.7)
      rainbow
      rmagick
    rainbow (1.1.4)
    redcarpet (3.0.0)
    rmagick (2.13.2)

PLATFORMS
  ruby

DEPENDENCIES
  vimdeck!
